{
    "Modality": "MR",
    "MagneticFieldStrength": 3,
    "ImagingFrequency": 123.264326,
    "Manufacturer": "Siemens",
    "ManufacturersModelName": "MAGNETOM Vida",
    "InstitutionName": "CiNet",
    "InstitutionAddress": "1-4,\r\nYamadaoka,\r\nSuita,\r\nOsaka,\r\nJP,\r\n",
    "DeviceSerialNumber": "175680",
    "StationName": "AWP175680",
    "BodyPartExamined": "BRAIN",
    "PatientPosition": "HFS",
    "ProcedureStepDescription": "NICT Nishimoto",
    "SoftwareVersions": "syngo MR XA11",
    "MRAcquisitionType": "3D",
    "SeriesDescription": "t1_mpr_sag_p2_iso_1.0mm_SN",
    "ProtocolName": "t1_mpr_sag_p2_iso_1.0mm_SN",
    "ScanningSequence": "GR\\IR",
    "SequenceVariant": "SK\\SP\\MP",
    "ScanOptions": "IR",
    "PulseSequenceName": "*tfl3d1rr16ns",
    "ImageType": [
        "ORIGINAL",
        "PRIMARY",
        "M",
        "NONE"
    ],
    "ImageTypeText": [
        "ORIGINAL",
        "PRIMARY",
        "M",
        "NORM",
        "DIS3D",
        "DIS2D"
    ],
    "NonlinearGradientCorrection": true,
    "SeriesNumber": 20,
    "AcquisitionTime": "11:28:49.307500",
    "AcquisitionNumber": 1,
    "SliceThickness": 1,
    "EchoTime": 0.00326,
    "RepetitionTime": 2.53,
    "MTState": false,
    "InversionTime": 1.2,
    "FlipAngle": 9,
    "PartialFourier": 1,
    "BaseResolution": 256,
    "ShimSetting": [
        -2532,
        152,
        -8887,
        105,
        80,
        -1579,
        -77,
        184
    ],
    "TxRefAmp": 326.813,
    "PhaseResolution": 1,
    "ReceiveCoilName": "HeadNeck_64_CS",
    "ReceiveCoilActiveElements": "HC1-7;NC1,2",
    "CoilString": "HeadNeck_64_CS",
    "PulseSequenceDetails": "%SiemensSeq%\\tfl",
    "RefLinesPE": 32,
    "CoilCombinationMethod": "Adaptive Combine",
    "MatrixCoilMode": "GRAPPA",
    "PercentPhaseFOV": 100,
    "PercentSampling": 100,
    "PhaseEncodingSteps": 256,
    "FrequencyEncodingSteps": 256,
    "PhaseEncodingStepsOutOfPlane": 208,
    "AcquisitionMatrixPE": 256,
    "ReconMatrixPE": 256,
    "ParallelReductionFactorInPlane": 2,
    "ParallelAcquisitionTechnique": "GRAPPA",
    "AcquisitionDuration": 360.882,
    "PixelBandwidth": 199,
    "DwellTime": 9.8e-06,
    "ImageOrientationPatientDICOM": [
        0.00867241,
        0.995055,
        -0.0989467,
        -0.0645671,
        -0.0981867,
        -0.993071
    ],
    "InPlanePhaseEncodingDirectionDICOM": "ROW",
    "BidsGuess": [
        "anat",
        "_acq-tfl3p2_run-20_T1w"
    ],
    "ConversionSoftware": "dcm2niix",
    "ConversionSoftwareVersion": "v1.0.20240202",
    "Dcm2bidsVersion": "3.2.0"
}