{
    "Modality": "MR",
    "MagneticFieldStrength": 3,
    "ImagingFrequency": 123.264246,
    "Manufacturer": "Siemens",
    "ManufacturersModelName": "MAGNETOM Vida",
    "InstitutionName": "CiNet",
    "InstitutionAddress": "1-4,\r\nYamadaoka,\r\nSuita,\r\nOsaka,\r\nJP,\r\n",
    "DeviceSerialNumber": "175680",
    "StationName": "AWP175680",
    "BodyPartExamined": "BRAIN",
    "PatientPosition": "HFS",
    "ProcedureStepDescription": "NICT Nishimoto",
    "SoftwareVersions": "syngo MR XA11",
    "MRAcquisitionType": "2D",
    "SeriesDescription": "smsep2d_MS6_TR1_2mm_PF6_1000",
    "ProtocolName": "smsep2d_MS6_TR1_2mm_PF6_1000",
    "ScanningSequence": "EP",
    "SequenceVariant": "SK",
    "ScanOptions": "PFP\\FS",
    "PulseSequenceName": "*epfid2d1_96",
    "ImageType": [
        "ORIGINAL",
        "PRIMARY",
        "M",
        "NONE"
    ],
    "ImageTypeText": [
        "ORIGINAL",
        "PRIMARY",
        "M",
        "ND",
        "NORM"
    ],
    "NonlinearGradientCorrection": false,
    "SeriesNumber": 21,
    "AcquisitionTime": "14:38:32.672500",
    "AcquisitionNumber": 1,
    "SliceThickness": 2,
    "SpacingBetweenSlices": 2,
    "EchoTime": 0.03,
    "RepetitionTime": 1,
    "MTState": false,
    "FlipAngle": 60,
    "PartialFourier": 0.75,
    "BaseResolution": 96,
    "ShimSetting": [
        -2548,
        106,
        -8805,
        257,
        -73,
        -1060,
        44,
        18
    ],
    "TxRefAmp": 312.854,
    "PhaseResolution": 1,
    "ReceiveCoilName": "HeadNeck_64_CS",
    "ReceiveCoilActiveElements": "HC1-7",
    "CoilString": "HeadNeck_64_CS",
    "PulseSequenceDetails": "%SiemensSeq%\\ep2d_bold",
    "RefLinesPE": 11,
    "CoilCombinationMethod": "Sum of Squares",
    "MultibandAccelerationFactor": 6,
    "PercentPhaseFOV": 100,
    "PercentSampling": 100,
    "EchoTrainLength": 72,
    "PartialFourierDirection": "PHASE",
    "PhaseEncodingSteps": 96,
    "FrequencyEncodingSteps": 96,
    "AcquisitionMatrixPE": 96,
    "ReconMatrixPE": 96,
    "BandwidthPerPixelPhaseEncode": 14.468,
    "ParallelAcquisitionTechnique": "SMS",
    "EffectiveEchoSpacing": 0.00071998,
    "DerivedVendorReportedEchoSpacing": 0.00071998,
    "AcquisitionDuration": 1011.9,
    "TotalReadoutTime": 0.0683981,
    "PixelBandwidth": 1736,
    "DwellTime": 3e-06,
    "PhaseEncodingDirection": "j-",
    "SliceTiming": [
        0.735,
        0,
        0.49,
        0.0825,
        0.5725,
        0.1625,
        0.6525,
        0.3275,
        0.8175,
        0.4075,
        0.8975,
        0.245,
        0.735,
        0,
        0.49,
        0.0825,
        0.5725,
        0.1625,
        0.6525,
        0.3275,
        0.8175,
        0.4075,
        0.8975,
        0.245,
        0.735,
        0,
        0.49,
        0.0825,
        0.5725,
        0.1625,
        0.6525,
        0.3275,
        0.8175,
        0.4075,
        0.8975,
        0.245,
        0.735,
        0,
        0.49,
        0.0825,
        0.5725,
        0.1625,
        0.6525,
        0.3275,
        0.8175,
        0.4075,
        0.8975,
        0.245,
        0.735,
        0,
        0.49,
        0.0825,
        0.5725,
        0.1625,
        0.6525,
        0.3275,
        0.8175,
        0.4075,
        0.8975,
        0.245,
        0.735,
        0,
        0.49,
        0.0825,
        0.5725,
        0.1625,
        0.6525,
        0.3275,
        0.8175,
        0.4075,
        0.8975,
        0.245
    ],
    "ImageOrientationPatientDICOM": [
        0.998884,
        -0.0233277,
        -0.0410564,
        0.0263311,
        0.996896,
        0.0742007
    ],
    "InPlanePhaseEncodingDirectionDICOM": "COL",
    "BidsGuess": [
        "func",
        "_acq-epfid2m6_dir-AP_run-21_bold"
    ],
    "ConversionSoftware": "dcm2niix",
    "ConversionSoftwareVersion": "v1.0.20240202",
    "Dcm2bidsVersion": "3.2.0",
    "TaskName": "heroes"
}